PATH
  remote: .
  specs:
    simple_mongo (0.0.1)
      active_support (~> 3.0.0)
      bson_ext (~> 1.8.6)
      colored (~> 1.2)
      mongo (~> 1.8.6)

GEM
  remote: https://rubygems.org/
  specs:
    active_support (3.0.0)
      activesupport (= 3.0.0)
    activesupport (3.0.0)
    bson (1.8.6)
    bson_ext (1.8.6)
      bson (~> 1.8.6)
    bump (0.4.1)
    colored (1.2)
    diff-lcs (1.2.4)
    mongo (1.8.6)
      bson (~> 1.8.6)
    rake (10.0.4)
    rspec (2.13.0)
      rspec-core (~> 2.13.0)
      rspec-expectations (~> 2.13.0)
      rspec-mocks (~> 2.13.0)
    rspec-core (2.13.1)
    rspec-expectations (2.13.0)
      diff-lcs (>= 1.1.3, < 2.0)
    rspec-mocks (2.13.1)

PLATFORMS
  ruby

DEPENDENCIES
  bump
  rake
  rspec (~> 2)
  simple_mongo!
